GEM
  remote: https://rubygems.org/
  specs:
    activemodel (5.1.3)
      activesupport (= 5.1.3)
    activerecord (5.1.3)
      activemodel (= 5.1.3)
      activesupport (= 5.1.3)
      arel (~> 8.0)
    activesupport (5.1.3)
      concurrent-ruby (~> 1.0, >= 1.0.2)
      i18n (~> 0.7)
      minitest (~> 5.1)
      tzinfo (~> 1.1)
    arel (8.0.0)
    concurrent-ruby (1.0.5)
    foreman (0.84.0)
      thor (~> 0.19.1)
    hashie (3.5.6)
    hashie-forbidden_attributes (0.1.1)
      hashie (>= 3.0)
    i18n (0.8.6)
    minitest (5.10.3)
    otr-activerecord (1.2.4)
      activerecord (>= 4.0, < 5.2)
      hashie-forbidden_attributes (~> 0.1)
    pg (0.21.0)
    rake (12.0.0)
    thor (0.19.4)
    thread_safe (0.3.6)
    tzinfo (1.2.3)
      thread_safe (~> 0.1)

PLATFORMS
  ruby

DEPENDENCIES
  foreman
  otr-activerecord
  pg
  rake

BUNDLED WITH
   1.14.6
